GEM
  remote: https://rubygems.org/
  specs:
    sqlite3 (1.3.11-x86-mingw32)
    string_to_ipa (0.1.4)
      sqlite3

PLATFORMS
  x86-mingw32

DEPENDENCIES
  string_to_ipa

BUNDLED WITH
   1.12.5
